GEM
  remote: https://rubygems.org/
  specs:
    bcp47_spec (0.2.1)
    builder (3.2.4)
    connection_pool (2.4.1)
    ebnf (2.4.0)
      htmlentities (~> 4.3)
      rdf (~> 3.3)
      scanf (~> 1.0)
      sxp (~> 1.3)
      unicode-types (~> 1.8)
    htmlentities (4.3.4)
    json-canonicalization (0.3.2)
    json-ld (3.3.0)
      htmlentities (~> 4.3)
      json-canonicalization (~> 0.3, >= 0.3.2)
      link_header (~> 0.0, >= 0.0.8)
      multi_json (~> 1.15)
      rack (>= 2.2, < 4)
      rdf (~> 3.3)
    link_header (0.0.8)
    logger (1.6.0)
    matrix (0.4.2)
    multi_json (1.15.0)
    net-http-persistent (4.0.2)
      connection_pool (~> 2.2)
    rack (3.0.8)
    rdf (3.3.1)
      bcp47_spec (~> 0.2)
      link_header (~> 0.0, >= 0.0.8)
    rdf-aggregate-repo (3.3.0)
      rdf (~> 3.3)
    rdf-turtle (3.3.0)
      ebnf (~> 2.4)
      rdf (~> 3.3)
    rdf-xsd (3.3.0)
      rdf (~> 3.3)
      rexml (~> 3.2)
    rexml (3.2.6)
    scanf (1.0.0)
    shacl (0.4.0)
      json-ld (~> 3.3)
      rdf (~> 3.3)
      sparql (~> 3.3)
      sxp (~> 1.2)
    sparql (3.3.0)
      builder (~> 3.2, >= 3.2.4)
      ebnf (~> 2.4)
      logger (~> 1.5)
      rdf (~> 3.3)
      rdf-aggregate-repo (~> 3.3)
      rdf-xsd (~> 3.3)
      sparql-client (~> 3.3)
      sxp (~> 1.3)
    sparql-client (3.3.0)
      net-http-persistent (~> 4.0, >= 4.0.2)
      rdf (~> 3.3)
    sxp (1.3.0)
      matrix (~> 0.4)
      rdf (~> 3.3)
    unicode-types (1.9.0)

PLATFORMS
  x86_64-darwin-21

DEPENDENCIES
  json-ld (~> 3.3)
  rdf (~> 3.3)
  rdf-turtle (~> 3.3)
  shacl (~> 0.4.0)

BUNDLED WITH
   2.4.22
